{
    "AcquisitionMatrixPE": 128,
    "AcquisitionNumber": 1,
    "BandwidthPerPixelPhaseEncode": 29.297,
    "BaseResolution": 128,
    "ConversionSoftware": "dcm2niix",
    "ConversionSoftwareVersion": "v1.0.20180918  (JP2:OpenJPEG) GCC4.8.4",
    "DeidentificationMethod": "Penn_BSC_profile_v1.0",
    "DerivedVendorReportedEchoSpacing": 0.000799997,
    "EchoTime": 0.082,
    "EffectiveEchoSpacing": 0.000266666,
    "FlipAngle": 90,
    "ImageOrientationPatientDICOM": [
        1,
        0,
        0,
        0,
        1,
        0
    ],
    "ImageType": [
        "ORIGINAL",
        "PRIMARY",
        "DIFFUSION",
        "NONE",
        "ND",
        "MOSAIC"
    ],
    "InPlanePhaseEncodingDirectionDICOM": "COL",
    "MRAcquisitionType": "2D",
    "MagneticFieldStrength": 3,
    "Manufacturer": "Siemens",
    "ManufacturersModelName": "TrioTim",
    "Modality": "MR",
    "ParallelReductionFactorInPlane": 3,
    "PartialFourier": 0.75,
    "PatientPosition": "HFS",
    "PercentPhaseFOV": 100,
    "PhaseEncodingDirection": "j-",
    "PhaseEncodingSteps": 96,
    "PhaseResolution": 1,
    "PixelBandwidth": 2170,
    "ProcedureStepDescription": "mri_brain",
    "ProtocolName": "DTI_bloy2x32_35",
    "PulseSequenceDetails": "%CustomerSeq%_ep2d_advdiff_511",
    "ReceiveCoilName": "32Ch_Head",
    "ReconMatrixPE": 128,
    "RepetitionTime": 8.1,
    "SAR": 0.421519,
    "ScanOptions": "PFP_FS",
    "ScanningSequence": "EP",
    "SequenceName": "ep_b0",
    "SequenceVariant": "SK_SP",
    "SeriesDescription": "DTI_bloy2x32_35",
    "SeriesNumber": 8,
    "ShimSetting": [
        4122,
        -6527,
        -3932,
        761,
        244,
        428,
        24,
        65
    ],
    "SliceThickness": 2,
    "SliceTiming": [
        4.065,
        0,
        4.1825,
        0.1175,
        4.2975,
        0.2325,
        4.415,
        0.3475,
        4.53,
        0.465,
        4.6475,
        0.58,
        4.7625,
        0.6975,
        4.88,
        0.8125,
        4.995,
        0.93,
        5.1125,
        1.045,
        5.2275,
        1.1625,
        5.345,
        1.2775,
        5.46,
        1.395,
        5.575,
        1.51,
        5.6925,
        1.6275,
        5.8075,
        1.7425,
        5.925,
        1.86,
        6.04,
        1.975,
        6.1575,
        2.09,
        6.2725,
        2.2075,
        6.39,
        2.3225,
        6.505,
        2.44,
        6.6225,
        2.555,
        6.7375,
        2.6725,
        6.855,
        2.7875,
        6.97,
        2.905,
        7.085,
        3.02,
        7.2025,
        3.1375,
        7.3175,
        3.2525,
        7.435,
        3.37,
        7.55,
        3.485,
        7.6675,
        3.6025,
        7.7825,
        3.7175,
        7.9,
        3.8325,
        8.015,
        3.95
    ],
    "SoftwareVersions": "syngo_MR_B17",
    "SpacingBetweenSlices": 2,
    "StudyID": "6097913",
    "StudyInstanceUID": "1.2.840.113745.101000.1002000.40134.6312.27237094",
    "TotalReadoutTime": 0.0338665,
    "TxRefAmp": 312.208,
    "VendorReportedEchoSpacing": 0.0008,
    "Obliquity": "False",
    "VoxelSizeDim1": 1.875,
    "VoxelSizeDim3": 2.0,
    "VoxelSizeDim2": 1.875,
    "Dim1Size": 128,
    "Dim2Size": 128,
    "Dim3Size": 70,
    "NumVolumes": 35,
    "ImageOrientation": "LAS+"
}