{
    "AcquisitionMatrixPE": 128,
    "AcquisitionNumber": 1,
    "BandwidthPerPixelPhaseEncode": 29.297,
    "BaseResolution": 128,
    "ConversionSoftware": "dcm2niix",
    "ConversionSoftwareVersion": "v1.0.20180918  (JP2:OpenJPEG) GCC4.8.4",
    "DeidentificationMethod": "Penn_BSC_profile_v1.0",
    "DerivedVendorReportedEchoSpacing": 0.000799997,
    "EchoTime": 0.082,
    "EffectiveEchoSpacing": 0.000266666,
    "FlipAngle": 90,
    "ImageOrientationPatientDICOM": [
        1,
        0,
        0,
        0,
        1,
        0
    ],
    "ImageType": [
        "ORIGINAL",
        "PRIMARY",
        "DIFFUSION",
        "NONE",
        "ND",
        "MOSAIC"
    ],
    "InPlanePhaseEncodingDirectionDICOM": "COL",
    "MRAcquisitionType": "2D",
    "MagneticFieldStrength": 3,
    "Manufacturer": "Siemens",
    "ManufacturersModelName": "TrioTim",
    "Modality": "MR",
    "ParallelReductionFactorInPlane": 3,
    "PartialFourier": 0.75,
    "PatientPosition": "HFS",
    "PercentPhaseFOV": 100,
    "PhaseEncodingDirection": "j-",
    "PhaseEncodingSteps": 96,
    "PhaseResolution": 1,
    "PixelBandwidth": 2170,
    "ProcedureStepDescription": "mri_brain",
    "ProtocolName": "DTI_2x32_36",
    "PulseSequenceDetails": "%CustomerSeq%_ep2d_advdiff_511",
    "ReceiveCoilName": "32Ch_Head",
    "ReconMatrixPE": 128,
    "RepetitionTime": 8.1,
    "SAR": 0.481499,
    "ScanOptions": "PFP_FS",
    "ScanningSequence": "EP",
    "SequenceName": "ep_b0",
    "SequenceVariant": "SK_SP",
    "SeriesDescription": "DTI_2x32_36",
    "SeriesNumber": 12,
    "ShimSetting": [
        4001,
        -6486,
        -3850,
        1246,
        -225,
        740,
        141,
        -16
    ],
    "SliceThickness": 2,
    "SliceTiming": [
        4.0675,
        0,
        4.1825,
        0.1175,
        4.3,
        0.2325,
        4.415,
        0.35,
        4.53,
        0.465,
        4.6475,
        0.5825,
        4.7625,
        0.6975,
        4.88,
        0.815,
        4.995,
        0.93,
        5.1125,
        1.0475,
        5.2275,
        1.1625,
        5.345,
        1.2775,
        5.46,
        1.395,
        5.5775,
        1.51,
        5.6925,
        1.6275,
        5.81,
        1.7425,
        5.925,
        1.86,
        6.0425,
        1.975,
        6.1575,
        2.0925,
        6.2725,
        2.2075,
        6.39,
        2.325,
        6.505,
        2.44,
        6.6225,
        2.5575,
        6.7375,
        2.6725,
        6.855,
        2.79,
        6.97,
        2.905,
        7.0875,
        3.02,
        7.2025,
        3.1375,
        7.32,
        3.2525,
        7.435,
        3.37,
        7.5525,
        3.485,
        7.6675,
        3.6025,
        7.785,
        3.7175,
        7.9,
        3.835,
        8.015,
        3.95
    ],
    "SoftwareVersions": "syngo_MR_B17",
    "SpacingBetweenSlices": 2,
    "StudyID": "8672021",
    "StudyInstanceUID": "1.2.840.113745.101000.1002000.41086.5425.33400603",
    "TotalReadoutTime": 0.0338665,
    "TxRefAmp": 330.695,
    "VendorReportedEchoSpacing": 0.0008,
    "Obliquity": "False",
    "VoxelSizeDim1": 1.875,
    "VoxelSizeDim3": 2.0,
    "VoxelSizeDim2": 1.875,
    "Dim1Size": 128,
    "Dim2Size": 128,
    "Dim3Size": 70,
    "NumVolumes": 36
}