{
    "AcquisitionMatrixPE": 128,
    "AcquisitionNumber": 1,
    "BandwidthPerPixelPhaseEncode": 29.297,
    "BaseResolution": 128,
    "ConversionSoftware": "dcm2niix",
    "ConversionSoftwareVersion": "v1.0.20180918  (JP2:OpenJPEG) GCC4.8.4",
    "DeidentificationMethod": "Penn_BSC_profile_v1.0",
    "DerivedVendorReportedEchoSpacing": 0.000799997,
    "EchoTime": 0.082,
    "EffectiveEchoSpacing": 0.000266666,
    "FlipAngle": 90,
    "ImageOrientationPatientDICOM": [
        1,
        0,
        0,
        0,
        1,
        0
    ],
    "ImageType": [
        "ORIGINAL",
        "PRIMARY",
        "DIFFUSION",
        "NONE",
        "ND",
        "MOSAIC"
    ],
    "InPlanePhaseEncodingDirectionDICOM": "COL",
    "MRAcquisitionType": "2D",
    "MagneticFieldStrength": 3,
    "Manufacturer": "Siemens",
    "ManufacturersModelName": "TrioTim",
    "Modality": "MR",
    "ParallelReductionFactorInPlane": 3,
    "PartialFourier": 0.75,
    "PatientPosition": "HFS",
    "PercentPhaseFOV": 100,
    "PhaseEncodingDirection": "j-",
    "PhaseEncodingSteps": 96,
    "PhaseResolution": 1,
    "PixelBandwidth": 2170,
    "ProcedureStepDescription": "mri_brain",
    "ProtocolName": "DTI_2x32_35",
    "PulseSequenceDetails": "%CustomerSeq%_ep2d_advdiff_511",
    "ReceiveCoilName": "32Ch_Head",
    "ReconMatrixPE": 128,
    "RepetitionTime": 9.3,
    "SAR": 0.828,
    "ScanOptions": "PFP_FS",
    "ScanningSequence": "EP",
    "SequenceName": "ep_b0",
    "SequenceVariant": "SK_SP",
    "SeriesDescription": "DTI_2x32_35",
    "SeriesNumber": 8,
    "ShimSetting": [
        4048,
        -6602,
        -3889,
        605,
        158,
        73,
        97,
        41
    ],
    "SliceThickness": 2,
    "SliceTiming": [
        4.6675,
        0,
        4.8,
        0.1325,
        4.935,
        0.265,
        5.0675,
        0.4,
        5.2,
        0.5325,
        5.335,
        0.665,
        5.4675,
        0.8,
        5.6,
        0.9325,
        5.735,
        1.065,
        5.8675,
        1.2,
        6,
        1.3325,
        6.135,
        1.465,
        6.2675,
        1.6,
        6.4,
        1.7325,
        6.535,
        1.865,
        6.6675,
        2,
        6.8025,
        2.1325,
        6.935,
        2.2675,
        7.0675,
        2.4,
        7.2025,
        2.5325,
        7.335,
        2.6675,
        7.4675,
        2.8,
        7.6025,
        2.9325,
        7.735,
        3.0675,
        7.8675,
        3.2,
        8.0025,
        3.3325,
        8.135,
        3.4675,
        8.2675,
        3.6,
        8.4025,
        3.7325,
        8.535,
        3.8675,
        8.67,
        4,
        8.8025,
        4.1325,
        8.935,
        4.2675,
        9.07,
        4.4,
        9.2025,
        4.535
    ],
    "SoftwareVersions": "syngo_MR_B17",
    "SpacingBetweenSlices": 2,
    "StudyID": "6681136",
    "StudyInstanceUID": "1.2.840.113745.101000.1002000.40358.4679.28378068",
    "TotalReadoutTime": 0.0338665,
    "TxRefAmp": 353.624,
    "VendorReportedEchoSpacing": 0.0008,
    "Obliquity": "False",
    "VoxelSizeDim1": 1.875,
    "VoxelSizeDim3": 2.0,
    "VoxelSizeDim2": 1.875,
    "Dim1Size": 128,
    "Dim2Size": 128,
    "Dim3Size": 70,
    "NumVolumes": 35,
    "ImageOrientation": "LAS+"
}