{
    "AcquisitionMatrixPE": 64,
    "AcquisitionNumber": 1,
    "BaseResolution": 64,
    "ConversionSoftware": "dcm2niix",
    "ConversionSoftwareVersion": "v1.0.20181114  (JP2:OpenJPEG) GCC4.8.4",
    "DeidentificationMethod": "Penn_BSC_profile_v1.0",
    "EchoNumber": 2,
    "EchoTime": 0.00527,
    "FlipAngle": 60,
    "ImageOrientationPatientDICOM": [
        1,
        0,
        0,
        0,
        1,
        0
    ],
    "ImageType": [
        "ORIGINAL",
        "PRIMARY",
        "P",
        "ND"
    ],
    "ImagingFrequency": 123.26,
    "InPlanePhaseEncodingDirectionDICOM": "COL",
    "IntendedFor": [
        "ses-PNC1/func/sub-2333670705_ses-PNC1_task-idemo_bold.nii.gz",
        "ses-PNC1/func/sub-2333670705_ses-PNC1_task-rest_acq-singleband_bold.nii.gz",
        "ses-PNC1/func/sub-2333670705_ses-PNC1_task-frac2back_bold.nii.gz",
        "ses-PNC1/dwi/sub-2333670705_ses-PNC1_run-01_dwi.nii.gz",
        "ses-PNC1/dwi/sub-2333670705_ses-PNC1_run-02_dwi.nii.gz"
    ],
    "MRAcquisitionType": "2D",
    "MagneticFieldStrength": 3,
    "Manufacturer": "Siemens",
    "ManufacturersModelName": "TrioTim",
    "Modality": "MR",
    "PartialFourier": 1,
    "PatientPosition": "HFS",
    "PercentPhaseFOV": 100,
    "PhaseEncodingDirection": "j-",
    "PhaseEncodingSteps": 64,
    "PhaseResolution": 1,
    "PixelBandwidth": 501,
    "ProcedureStepDescription": "mri_brain",
    "ProtocolName": "B0map_onesizefitsall_v3",
    "PulseSequenceDetails": "%CustomerSeq%_gre_mgh_multiecho",
    "ReceiveCoilName": "32Ch_Head",
    "ReconMatrixPE": 64,
    "RepetitionTime": 1,
    "SAR": 0.204139,
    "ScanOptions": "FS",
    "ScanningSequence": "GR",
    "SequenceName": "fl2d2",
    "SequenceVariant": "SP",
    "SeriesDescription": "B0map_onesizefitsall_v3",
    "SeriesNumber": 13,
    "ShimSetting": [
        4031,
        -6505,
        -4152,
        1036,
        84,
        62,
        346,
        60
    ],
    "SliceThickness": 3,
    "SoftwareVersions": "syngo_MR_B17",
    "SpacingBetweenSlices": 3,
    "StudyID": "6701060",
    "StudyInstanceUID": "1.2.840.113745.101000.1002000.40366.5787.28416976",
    "TxRefAmp": 307.818,
    "Obliquity": "False",
    "VoxelSizeDim1": 3.0,
    "VoxelSizeDim3": 3.0,
    "VoxelSizeDim2": 3.0,
    "Dim1Size": 64,
    "Dim2Size": 64,
    "Dim3Size": 46
}