{
    "AcquisitionMatrixPE": 128,
    "AcquisitionNumber": 1,
    "BandwidthPerPixelPhaseEncode": 9.766,
    "BaseResolution": 128,
    "ConversionSoftware": "dcm2niix",
    "ConversionSoftwareVersion": "v1.0.20180918  (JP2:OpenJPEG) GCC4.8.4",
    "DeidentificationMethod": "Penn_BSC_profile_v1.0",
    "DerivedVendorReportedEchoSpacing": 0.000799969,
    "EchoTime": 0.102,
    "EffectiveEchoSpacing": 0.000799969,
    "FlipAngle": 90,
    "ImageOrientationPatientDICOM": [
        1,
        0,
        0,
        0,
        1,
        0
    ],
    "ImageType": [
        "ORIGINAL",
        "PRIMARY",
        "DIFFUSION",
        "NONE",
        "ND",
        "MOSAIC"
    ],
    "InPlanePhaseEncodingDirectionDICOM": "COL",
    "MRAcquisitionType": "2D",
    "MagneticFieldStrength": 3,
    "Manufacturer": "Siemens",
    "ManufacturersModelName": "TrioTim",
    "Modality": "MR",
    "ParallelReductionFactorInPlane": 3,
    "PartialFourier": 0.75,
    "PatientPosition": "HFS",
    "PercentPhaseFOV": 100,
    "PhaseEncodingDirection": "j-",
    "PhaseEncodingSteps": 96,
    "PhaseResolution": 1,
    "PixelBandwidth": 2170,
    "ProcedureStepDescription": "mri_brain",
    "ProtocolName": "DTI_2x32_35",
    "PulseSequenceDetails": "%CustomerSeq%_ep2d_advdiff_511",
    "ReceiveCoilName": "32Ch_Head",
    "ReconMatrixPE": 128,
    "RepetitionTime": 12.3,
    "SAR": 0.265758,
    "ScanOptions": "PFP_FS",
    "ScanningSequence": "EP",
    "SequenceName": "ep_b0",
    "SequenceVariant": "SK_SP",
    "SeriesDescription": "DTI_2x32_35",
    "SeriesNumber": 8,
    "ShimSetting": [
        4033,
        -6493,
        -4076,
        1176,
        -125,
        508,
        -67,
        -86
    ],
    "SliceThickness": 2,
    "SliceTiming": [
        6.175,
        0,
        6.3525,
        0.1775,
        6.5275,
        0.355,
        6.705,
        0.53,
        6.88,
        0.7075,
        7.0575,
        0.8825,
        7.235,
        1.06,
        7.41,
        1.235,
        7.5875,
        1.4125,
        7.7625,
        1.59,
        7.94,
        1.765,
        8.115,
        1.9425,
        8.2925,
        2.1175,
        8.4675,
        2.295,
        8.645,
        2.47,
        8.8225,
        2.6475,
        8.9975,
        2.8225,
        9.175,
        3,
        9.35,
        3.1775,
        9.5275,
        3.3525,
        9.7025,
        3.53,
        9.88,
        3.705,
        10.0575,
        3.8825,
        10.2325,
        4.0575,
        10.41,
        4.235,
        10.585,
        4.4125,
        10.7625,
        4.5875,
        10.9375,
        4.765,
        11.115,
        4.94,
        11.29,
        5.1175,
        11.4675,
        5.2925,
        11.645,
        5.47,
        11.82,
        5.645,
        11.9975,
        5.8225,
        12.1725,
        6
    ],
    "SoftwareVersions": "syngo_MR_B17",
    "SpacingBetweenSlices": 2,
    "StudyID": "6264776",
    "StudyInstanceUID": "1.2.840.113745.101000.1002000.40202.6955.27562709",
    "TotalReadoutTime": 0.101596,
    "TxRefAmp": 304.275,
    "VendorReportedEchoSpacing": 0.0008,
    "Obliquity": "False",
    "VoxelSizeDim1": 1.875,
    "VoxelSizeDim3": 2.0,
    "VoxelSizeDim2": 1.875,
    "Dim1Size": 128,
    "Dim2Size": 128,
    "Dim3Size": 70,
    "NumVolumes": 35,
    "ImageOrientation": "LAS+"
}