{
    "AcquisitionMatrixPE": 64,
    "AcquisitionNumber": 1,
    "BaseResolution": 64,
    "ConversionSoftware": "dcm2niix",
    "ConversionSoftwareVersion": "v1.0.20181114  (JP2:OpenJPEG) GCC4.8.4",
    "DeidentificationMethod": "Penn_BSC_profile_v1.0",
    "EchoNumber": 1,
    "EchoTime": 0.00269,
    "FlipAngle": 60,
    "ImageOrientationPatientDICOM": [
        1,
        -1e-16,
        0,
        1e-16,
        0.999976,
        0.00698126
    ],
    "ImageType": [
        "ORIGINAL",
        "PRIMARY",
        "M",
        "ND"
    ],
    "ImagingFrequency": 123.259,
    "InPlanePhaseEncodingDirectionDICOM": "COL",
    "IntendedFor": [
        "ses-PNC1/dwi/sub-2544376434_ses-PNC1_acq-VARIANTObliquity_run-01_dwi.nii.gz",
        "ses-PNC1/dwi/sub-2544376434_ses-PNC1_acq-VARIANTObliquity_run-02_dwi.nii.gz",
        "ses-PNC1/func/sub-2544376434_ses-PNC1_task-frac2back_acq-VARIANTObliquity_bold.nii.gz",
        "ses-PNC1/func/sub-2544376434_ses-PNC1_task-idemo_acq-VARIANTObliquity_bold.nii.gz",
        "ses-PNC1/func/sub-2544376434_ses-PNC1_task-rest_acq-singlebandVARIANTObliquity_bold.nii.gz"
    ],
    "MRAcquisitionType": "2D",
    "MagneticFieldStrength": 3,
    "Manufacturer": "Siemens",
    "ManufacturersModelName": "TrioTim",
    "Modality": "MR",
    "PartialFourier": 1,
    "PatientPosition": "HFS",
    "PercentPhaseFOV": 100,
    "PhaseEncodingDirection": "j-",
    "PhaseEncodingSteps": 64,
    "PhaseResolution": 1,
    "PixelBandwidth": 501,
    "ProcedureStepDescription": "mri_brain",
    "ProtocolName": "B0map_onesizefitsall_v3",
    "PulseSequenceDetails": "%CustomerSeq%_gre_mgh_multiecho",
    "ReceiveCoilName": "32Ch_Head",
    "ReconMatrixPE": 64,
    "RepetitionTime": 1,
    "SAR": 0.283926,
    "ScanOptions": "FS",
    "ScanningSequence": "GR",
    "SequenceName": "fl2d2",
    "SequenceVariant": "SP",
    "SeriesDescription": "B0map_onesizefitsall_v3",
    "SeriesNumber": 6,
    "ShimSetting": [
        3638,
        -6236,
        -4084,
        1002,
        -868,
        860,
        81,
        549
    ],
    "SliceThickness": 4,
    "SoftwareVersions": "syngo_MR_B17",
    "SpacingBetweenSlices": 4,
    "StudyID": "7465093",
    "StudyInstanceUID": "1.2.840.113745.101000.1002000.40645.5497.29951380",
    "TxRefAmp": 311.803,
    "Obliquity": "True",
    "VoxelSizeDim1": 3.75,
    "VoxelSizeDim3": 4.0,
    "VoxelSizeDim2": 3.75,
    "Dim1Size": 64,
    "Dim2Size": 64,
    "Dim3Size": 44,
    "NumVolumes": 1.0
}