{
    "AcquisitionMatrixPE": 128,
    "AcquisitionNumber": 1,
    "BandwidthPerPixelPhaseEncode": 29.297,
    "BaseResolution": 128,
    "ConversionSoftware": "dcm2niix",
    "ConversionSoftwareVersion": "v1.0.20180918  (JP2:OpenJPEG) GCC4.8.4",
    "DeidentificationMethod": "Penn_BSC_profile_v1.0",
    "DerivedVendorReportedEchoSpacing": 0.000799997,
    "EchoTime": 0.082,
    "EffectiveEchoSpacing": 0.000266666,
    "FlipAngle": 90,
    "ImageOrientationPatientDICOM": [
        1,
        0,
        0,
        0,
        1,
        0
    ],
    "ImageType": [
        "ORIGINAL",
        "PRIMARY",
        "DIFFUSION",
        "NONE",
        "ND",
        "MOSAIC"
    ],
    "InPlanePhaseEncodingDirectionDICOM": "COL",
    "MRAcquisitionType": "2D",
    "MagneticFieldStrength": 3,
    "Manufacturer": "Siemens",
    "ManufacturersModelName": "TrioTim",
    "Modality": "MR",
    "ParallelReductionFactorInPlane": 3,
    "PartialFourier": 0.75,
    "PatientPosition": "HFS",
    "PercentPhaseFOV": 100,
    "PhaseEncodingDirection": "j-",
    "PhaseEncodingSteps": 96,
    "PhaseResolution": 1,
    "PixelBandwidth": 2170,
    "ProcedureStepDescription": "mri_brain",
    "ProtocolName": "DTI_2x32_35",
    "PulseSequenceDetails": "%CustomerSeq%_ep2d_advdiff_511",
    "ReceiveCoilName": "32Ch_Head",
    "ReconMatrixPE": 128,
    "RepetitionTime": 9.4,
    "SAR": 0.61246,
    "ScanOptions": "PFP_FS",
    "ScanningSequence": "EP",
    "SequenceName": "ep_b0",
    "SequenceVariant": "SK_SP",
    "SeriesDescription": "DTI_2x32_35",
    "SeriesNumber": 10,
    "ShimSetting": [
        4130,
        -6447,
        -4196,
        1089,
        373,
        700,
        105,
        -7
    ],
    "SliceThickness": 2,
    "SliceTiming": [
        4.7175,
        0,
        4.8525,
        0.135,
        4.9875,
        0.27,
        5.1225,
        0.4025,
        5.2575,
        0.5375,
        5.3925,
        0.6725,
        5.5275,
        0.8075,
        5.6625,
        0.9425,
        5.7975,
        1.0775,
        5.9325,
        1.2125,
        6.065,
        1.3475,
        6.2,
        1.4825,
        6.335,
        1.6175,
        6.47,
        1.7525,
        6.605,
        1.8875,
        6.74,
        2.0225,
        6.875,
        2.1575,
        7.01,
        2.29,
        7.145,
        2.425,
        7.28,
        2.56,
        7.415,
        2.695,
        7.55,
        2.83,
        7.685,
        2.965,
        7.8175,
        3.1,
        7.9525,
        3.235,
        8.0875,
        3.37,
        8.2225,
        3.505,
        8.3575,
        3.64,
        8.4925,
        3.775,
        8.6275,
        3.91,
        8.7625,
        4.045,
        8.8975,
        4.1775,
        9.0325,
        4.3125,
        9.1675,
        4.4475,
        9.3025,
        4.5825
    ],
    "SoftwareVersions": "syngo_MR_B17",
    "SpacingBetweenSlices": 2,
    "StudyID": "8988263",
    "StudyInstanceUID": "1.2.840.113745.101000.1002000.41203.6411.34056513",
    "TotalReadoutTime": 0.0338665,
    "TxRefAmp": 370.325,
    "VendorReportedEchoSpacing": 0.0008,
    "Obliquity": "False",
    "VoxelSizeDim1": 1.875,
    "VoxelSizeDim3": 2.0,
    "VoxelSizeDim2": 1.875,
    "Dim1Size": 128,
    "Dim2Size": 128,
    "Dim3Size": 70,
    "NumVolumes": 35,
    "ImageOrientation": "LAS+"
}