{
    "AcquisitionMatrixPE": 64,
    "AcquisitionNumber": 1,
    "BaseResolution": 64,
    "ConversionSoftware": "dcm2niix",
    "ConversionSoftwareVersion": "v1.0.20181114  (JP2:OpenJPEG) GCC4.8.4",
    "DeidentificationMethod": "Penn_BSC_profile_v1.0",
    "EchoNumber": 2,
    "EchoTime": 0.00527,
    "FlipAngle": 60,
    "ImageOrientationPatientDICOM": [
        1,
        0,
        0,
        0,
        1,
        0
    ],
    "ImageType": [
        "ORIGINAL",
        "PRIMARY",
        "M",
        "ND"
    ],
    "ImagingFrequency": 123.259,
    "InPlanePhaseEncodingDirectionDICOM": "COL",
    "IntendedFor": [
        "ses-PNC1/func/sub-1779531630_ses-PNC1_task-idemo_acq-VARIANTNumVolumes_bold.nii.gz"
    ],
    "MRAcquisitionType": "2D",
    "MagneticFieldStrength": 3,
    "Manufacturer": "Siemens",
    "ManufacturersModelName": "TrioTim",
    "Modality": "MR",
    "PartialFourier": 1,
    "PatientPosition": "HFS",
    "PercentPhaseFOV": 100,
    "PhaseEncodingDirection": "j-",
    "PhaseEncodingSteps": 64,
    "PhaseResolution": 1,
    "PixelBandwidth": 501,
    "ProcedureStepDescription": "mri_brain",
    "ProtocolName": "B0map_onesizefitsall_v3",
    "PulseSequenceDetails": "%CustomerSeq%_gre_mgh_multiecho",
    "ReceiveCoilName": "32Ch_Head",
    "ReconMatrixPE": 64,
    "RepetitionTime": 1,
    "SAR": 0.339194,
    "ScanOptions": "FS",
    "ScanningSequence": "GR",
    "SequenceName": "fl2d2",
    "SequenceVariant": "SP",
    "SeriesDescription": "B0map_onesizefitsall_v3",
    "SeriesNumber": 6,
    "ShimSetting": [
        4034,
        -6710,
        -3837,
        1145,
        93,
        -126,
        369,
        16
    ],
    "SliceThickness": 4,
    "SoftwareVersions": "syngo_MR_B17",
    "SpacingBetweenSlices": 4,
    "StudyID": "8049789",
    "StudyInstanceUID": "1.2.840.113745.101000.1002000.40859.6131.31633776",
    "TxRefAmp": 333.538,
    "Obliquity": "False",
    "VoxelSizeDim1": 3.75,
    "VoxelSizeDim3": 4.0,
    "VoxelSizeDim2": 3.75,
    "Dim1Size": 64,
    "Dim2Size": 64,
    "Dim3Size": 44,
    "NumVolumes": 1.0,
    "ImageOrientation": "LAS+"
}