{
    "AcquisitionMatrixPE": 128,
    "AcquisitionNumber": 1,
    "BandwidthPerPixelPhaseEncode": 29.297,
    "BaseResolution": 128,
    "ConversionSoftware": "dcm2niix",
    "ConversionSoftwareVersion": "v1.0.20180918  (JP2:OpenJPEG) GCC4.8.4",
    "DeidentificationMethod": "Penn_BSC_profile_v1.0",
    "DerivedVendorReportedEchoSpacing": 0.000799997,
    "EchoTime": 0.082,
    "EffectiveEchoSpacing": 0.000266666,
    "FlipAngle": 90,
    "ImageOrientationPatientDICOM": [
        1,
        0,
        0,
        0,
        1,
        0
    ],
    "ImageType": [
        "ORIGINAL",
        "PRIMARY",
        "DIFFUSION",
        "NONE",
        "ND",
        "MOSAIC"
    ],
    "InPlanePhaseEncodingDirectionDICOM": "COL",
    "MRAcquisitionType": "2D",
    "MagneticFieldStrength": 3,
    "Manufacturer": "Siemens",
    "ManufacturersModelName": "TrioTim",
    "Modality": "MR",
    "ParallelReductionFactorInPlane": 3,
    "PartialFourier": 0.75,
    "PatientPosition": "HFS",
    "PercentPhaseFOV": 100,
    "PhaseEncodingDirection": "j-",
    "PhaseEncodingSteps": 96,
    "PhaseResolution": 1,
    "PixelBandwidth": 2170,
    "ProcedureStepDescription": "mri_brain",
    "ProtocolName": "DTI_2x32_36",
    "PulseSequenceDetails": "%CustomerSeq%_ep2d_advdiff_511",
    "ReceiveCoilName": "32Ch_Head",
    "ReconMatrixPE": 128,
    "RepetitionTime": 8.8,
    "SAR": 0.693784,
    "ScanOptions": "PFP_FS",
    "ScanningSequence": "EP",
    "SequenceName": "ep_b0",
    "SequenceVariant": "SK_SP",
    "SeriesDescription": "DTI_2x32_36",
    "SeriesNumber": 11,
    "ShimSetting": [
        4036,
        -6413,
        -4029,
        178,
        -216,
        376,
        426,
        0
    ],
    "SliceThickness": 2,
    "SliceTiming": [
        4.4175,
        0,
        4.545,
        0.1275,
        4.67,
        0.2525,
        4.7975,
        0.38,
        4.9225,
        0.505,
        5.05,
        0.6325,
        5.175,
        0.7575,
        5.3,
        0.885,
        5.4275,
        1.01,
        5.5525,
        1.1375,
        5.68,
        1.2625,
        5.805,
        1.39,
        5.9325,
        1.515,
        6.0575,
        1.64,
        6.185,
        1.7675,
        6.31,
        1.8925,
        6.4375,
        2.02,
        6.5625,
        2.145,
        6.69,
        2.2725,
        6.815,
        2.3975,
        6.9425,
        2.525,
        7.0675,
        2.65,
        7.195,
        2.7775,
        7.32,
        2.9025,
        7.4475,
        3.03,
        7.5725,
        3.155,
        7.7,
        3.2825,
        7.825,
        3.4075,
        7.9525,
        3.535,
        8.0775,
        3.66,
        8.205,
        3.7875,
        8.33,
        3.9125,
        8.4575,
        4.04,
        8.5825,
        4.165,
        8.7075,
        4.2925
    ],
    "SoftwareVersions": "syngo_MR_B17",
    "SpacingBetweenSlices": 2,
    "StudyID": "7868369",
    "StudyInstanceUID": "1.2.840.113745.101000.1002000.40796.6920.30973619",
    "TotalReadoutTime": 0.0338665,
    "TxRefAmp": 356.656,
    "VendorReportedEchoSpacing": 0.0008,
    "Obliquity": "False",
    "VoxelSizeDim1": 1.875,
    "VoxelSizeDim3": 2.0,
    "VoxelSizeDim2": 1.875,
    "Dim1Size": 128,
    "Dim2Size": 128,
    "Dim3Size": 70,
    "NumVolumes": 36,
    "ImageOrientation": "LAS+"
}