{
    "AcquisitionMatrixPE": 128,
    "AcquisitionNumber": 1,
    "BandwidthPerPixelPhaseEncode": 29.297,
    "BaseResolution": 128,
    "ConversionSoftware": "dcm2niix",
    "ConversionSoftwareVersion": "v1.0.20180918  (JP2:OpenJPEG) GCC4.8.4",
    "DeidentificationMethod": "Penn_BSC_profile_v1.0",
    "DerivedVendorReportedEchoSpacing": 0.000799997,
    "EchoTime": 0.082,
    "EffectiveEchoSpacing": 0.000266666,
    "FlipAngle": 90,
    "ImageOrientationPatientDICOM": [
        1,
        0,
        0,
        0,
        1,
        0
    ],
    "ImageType": [
        "ORIGINAL",
        "PRIMARY",
        "DIFFUSION",
        "NONE",
        "ND",
        "MOSAIC"
    ],
    "InPlanePhaseEncodingDirectionDICOM": "COL",
    "MRAcquisitionType": "2D",
    "MagneticFieldStrength": 3,
    "Manufacturer": "Siemens",
    "ManufacturersModelName": "TrioTim",
    "Modality": "MR",
    "ParallelReductionFactorInPlane": 3,
    "PartialFourier": 0.75,
    "PatientPosition": "HFS",
    "PercentPhaseFOV": 100,
    "PhaseEncodingDirection": "j-",
    "PhaseEncodingSteps": 96,
    "PhaseResolution": 1,
    "PixelBandwidth": 2170,
    "ProcedureStepDescription": "mri_brain",
    "ProtocolName": "DTI_2x32_35",
    "PulseSequenceDetails": "%CustomerSeq%_ep2d_advdiff_511",
    "ReceiveCoilName": "32Ch_Head",
    "ReconMatrixPE": 128,
    "RepetitionTime": 9.2,
    "SAR": 0.820947,
    "ScanOptions": "PFP_FS",
    "ScanningSequence": "EP",
    "SequenceName": "ep_b0",
    "SequenceVariant": "SK_SP",
    "SeriesDescription": "DTI_2x32_35",
    "SeriesNumber": 10,
    "ShimSetting": [
        4040,
        -6591,
        -3835,
        647,
        246,
        -155,
        310,
        92
    ],
    "SliceThickness": 2,
    "SliceTiming": [
        4.6175,
        0,
        4.75,
        0.13,
        4.88,
        0.2625,
        5.0125,
        0.395,
        5.145,
        0.5275,
        5.2775,
        0.66,
        5.41,
        0.79,
        5.54,
        0.9225,
        5.6725,
        1.055,
        5.805,
        1.1875,
        5.9375,
        1.3175,
        6.0675,
        1.45,
        6.2,
        1.5825,
        6.3325,
        1.715,
        6.465,
        1.8475,
        6.5975,
        1.9775,
        6.7275,
        2.11,
        6.86,
        2.2425,
        6.9925,
        2.375,
        7.125,
        2.505,
        7.255,
        2.6375,
        7.3875,
        2.77,
        7.52,
        2.9025,
        7.6525,
        3.035,
        7.785,
        3.165,
        7.915,
        3.2975,
        8.0475,
        3.43,
        8.18,
        3.5625,
        8.3125,
        3.6925,
        8.4425,
        3.825,
        8.575,
        3.9575,
        8.7075,
        4.09,
        8.84,
        4.2225,
        8.9725,
        4.3525,
        9.1025,
        4.485
    ],
    "SoftwareVersions": "syngo_MR_B17",
    "SpacingBetweenSlices": 2,
    "StudyID": "7657538",
    "StudyInstanceUID": "1.2.840.113745.101000.1002000.40715.6691.30459494",
    "TotalReadoutTime": 0.0338665,
    "TxRefAmp": 353.809,
    "VendorReportedEchoSpacing": 0.0008,
    "Obliquity": "False",
    "VoxelSizeDim1": 1.875,
    "VoxelSizeDim3": 2.0,
    "VoxelSizeDim2": 1.875,
    "Dim1Size": 128,
    "Dim2Size": 128,
    "Dim3Size": 70,
    "NumVolumes": 35,
    "ImageOrientation": "LAS+"
}