{
    "AcquisitionMatrixPE": 128,
    "AcquisitionNumber": 1,
    "BandwidthPerPixelPhaseEncode": 29.297,
    "BaseResolution": 128,
    "ConversionSoftware": "dcm2niix",
    "ConversionSoftwareVersion": "v1.0.20180918  (JP2:OpenJPEG) GCC4.8.4",
    "DeidentificationMethod": "Penn_BSC_profile_v1.0",
    "DerivedVendorReportedEchoSpacing": 0.000799997,
    "EchoTime": 0.082,
    "EffectiveEchoSpacing": 0.000266666,
    "FlipAngle": 90,
    "ImageOrientationPatientDICOM": [
        1,
        0,
        0,
        0,
        1,
        0
    ],
    "ImageType": [
        "ORIGINAL",
        "PRIMARY",
        "DIFFUSION",
        "NONE",
        "ND",
        "MOSAIC"
    ],
    "InPlanePhaseEncodingDirectionDICOM": "COL",
    "MRAcquisitionType": "2D",
    "MagneticFieldStrength": 3,
    "Manufacturer": "Siemens",
    "ManufacturersModelName": "TrioTim",
    "Modality": "MR",
    "ParallelReductionFactorInPlane": 3,
    "PartialFourier": 0.75,
    "PatientPosition": "HFS",
    "PercentPhaseFOV": 100,
    "PhaseEncodingDirection": "j-",
    "PhaseEncodingSteps": 96,
    "PhaseResolution": 1,
    "PixelBandwidth": 2170,
    "ProcedureStepDescription": "mri_brain",
    "ProtocolName": "DTI_2x32_36",
    "PulseSequenceDetails": "%CustomerSeq%_ep2d_advdiff_511",
    "ReceiveCoilName": "32Ch_Head",
    "ReconMatrixPE": 128,
    "RepetitionTime": 8.1,
    "SAR": 0.409502,
    "ScanOptions": "PFP_FS",
    "ScanningSequence": "EP",
    "SequenceName": "ep_b0",
    "SequenceVariant": "SK_SP",
    "SeriesDescription": "DTI_2x32_36",
    "SeriesNumber": 9,
    "ShimSetting": [
        4070,
        -6701,
        -3911,
        1654,
        177,
        336,
        40,
        -33
    ],
    "SliceThickness": 3,
    "SliceTiming": [
        4.0675,
        0,
        4.2425,
        0.1775,
        4.42,
        0.355,
        4.5975,
        0.5325,
        4.775,
        0.7075,
        4.95,
        0.885,
        5.1275,
        1.0625,
        5.305,
        1.2375,
        5.48,
        1.415,
        5.6575,
        1.5925,
        5.835,
        1.7675,
        6.0125,
        1.945,
        6.1875,
        2.1225,
        6.365,
        2.3,
        6.5425,
        2.475,
        6.7175,
        2.6525,
        6.895,
        2.83,
        7.0725,
        3.005,
        7.25,
        3.1825,
        7.425,
        3.36,
        7.6025,
        3.5375,
        7.78,
        3.7125,
        7.955,
        3.89
    ],
    "SoftwareVersions": "syngo_MR_B17",
    "SpacingBetweenSlices": 3,
    "StudyID": "7320977",
    "StudyInstanceUID": "1.2.840.113745.101000.1002000.40595.6355.29618620",
    "TotalReadoutTime": 0.0338665,
    "TxRefAmp": 312.645,
    "VendorReportedEchoSpacing": 0.0008,
    "Obliquity": "False",
    "VoxelSizeDim1": 1.875,
    "VoxelSizeDim3": 3.0,
    "VoxelSizeDim2": 1.875,
    "Dim1Size": 128,
    "Dim2Size": 128,
    "Dim3Size": 46,
    "NumVolumes": 36,
    "ImageOrientation": "LAS+"
}