{
    "AcquisitionMatrixPE": 128,
    "AcquisitionNumber": 1,
    "BandwidthPerPixelPhaseEncode": 29.297,
    "BaseResolution": 128,
    "ConversionSoftware": "dcm2niix",
    "ConversionSoftwareVersion": "v1.0.20180918  (JP2:OpenJPEG) GCC4.8.4",
    "DeidentificationMethod": "Penn_BSC_profile_v1.0",
    "DerivedVendorReportedEchoSpacing": 0.000799997,
    "EchoTime": 0.082,
    "EffectiveEchoSpacing": 0.000266666,
    "FlipAngle": 90,
    "ImageOrientationPatientDICOM": [
        1,
        0,
        0,
        0,
        1,
        0
    ],
    "ImageType": [
        "ORIGINAL",
        "PRIMARY",
        "DIFFUSION",
        "NONE",
        "ND",
        "MOSAIC"
    ],
    "InPlanePhaseEncodingDirectionDICOM": "COL",
    "MRAcquisitionType": "2D",
    "MagneticFieldStrength": 3,
    "Manufacturer": "Siemens",
    "ManufacturersModelName": "TrioTim",
    "Modality": "MR",
    "ParallelReductionFactorInPlane": 3,
    "PartialFourier": 0.75,
    "PatientPosition": "HFS",
    "PercentPhaseFOV": 100,
    "PhaseEncodingDirection": "j-",
    "PhaseEncodingSteps": 96,
    "PhaseResolution": 1,
    "PixelBandwidth": 2170,
    "ProcedureStepDescription": "mri_brain",
    "ProtocolName": "DTI_2x32_36",
    "PulseSequenceDetails": "%CustomerSeq%_ep2d_advdiff_511",
    "ReceiveCoilName": "32Ch_Head",
    "ReconMatrixPE": 128,
    "RepetitionTime": 8.5,
    "SAR": 0.851794,
    "ScanOptions": "PFP_FS",
    "ScanningSequence": "EP",
    "SequenceName": "ep_b0",
    "SequenceVariant": "SK_SP",
    "SeriesDescription": "DTI_2x32_36",
    "SeriesNumber": 11,
    "ShimSetting": [
        4055,
        -6691,
        -3982,
        620,
        -64,
        62,
        757,
        26
    ],
    "SliceThickness": 2,
    "SliceTiming": [
        4.265,
        0,
        4.3875,
        0.12,
        4.51,
        0.2425,
        4.6325,
        0.365,
        4.7525,
        0.4875,
        4.875,
        0.6075,
        4.9975,
        0.73,
        5.12,
        0.8525,
        5.24,
        0.975,
        5.3625,
        1.095,
        5.485,
        1.2175,
        5.6075,
        1.34,
        5.7275,
        1.4625,
        5.85,
        1.5825,
        5.9725,
        1.705,
        6.095,
        1.8275,
        6.215,
        1.95,
        6.3375,
        2.0725,
        6.46,
        2.1925,
        6.5825,
        2.315,
        6.7025,
        2.4375,
        6.825,
        2.56,
        6.9475,
        2.68,
        7.07,
        2.8025,
        7.1925,
        2.925,
        7.3125,
        3.0475,
        7.435,
        3.1675,
        7.5575,
        3.29,
        7.68,
        3.4125,
        7.8,
        3.535,
        7.9225,
        3.655,
        8.045,
        3.7775,
        8.1675,
        3.9,
        8.2875,
        4.0225,
        8.41,
        4.1425
    ],
    "SoftwareVersions": "syngo_MR_B17",
    "SpacingBetweenSlices": 2,
    "StudyID": "7368442",
    "StudyInstanceUID": "1.2.840.113745.101000.1002000.40611.6090.29709062",
    "TotalReadoutTime": 0.0338665,
    "TxRefAmp": 324.463,
    "VendorReportedEchoSpacing": 0.0008,
    "Obliquity": "False",
    "VoxelSizeDim1": 1.875,
    "VoxelSizeDim3": 2.0,
    "VoxelSizeDim2": 1.875,
    "Dim1Size": 128,
    "Dim2Size": 128,
    "Dim3Size": 70,
    "NumVolumes": 36
}