{
    "AcquisitionMatrixPE": 64,
    "AcquisitionNumber": 1,
    "BandwidthPerPixelPhaseEncode": 28.409,
    "BaseResolution": 64,
    "ConversionSoftware": "dcm2niix",
    "ConversionSoftwareVersion": "v1.0.20181114  (JP2:OpenJPEG) GCC4.8.4",
    "DeidentificationMethod": "Penn_BSC_profile_v1.0",
    "DerivedVendorReportedEchoSpacing": 0.000550002,
    "EchoTime": 0.032,
    "EffectiveEchoSpacing": 0.000550002,
    "FlipAngle": 90,
    "ImageOrientationPatientDICOM": [
        1,
        0,
        0,
        0,
        1,
        0
    ],
    "ImageType": [
        "ORIGINAL",
        "PRIMARY",
        "M",
        "ND",
        "MOSAIC"
    ],
    "ImagingFrequency": 123.259,
    "InPlanePhaseEncodingDirectionDICOM": "COL",
    "MRAcquisitionType": "2D",
    "MagneticFieldStrength": 3,
    "Manufacturer": "Siemens",
    "ManufacturersModelName": "TrioTim",
    "Modality": "MR",
    "PartialFourier": 1,
    "PatientPosition": "HFS",
    "PercentPhaseFOV": 100,
    "PhaseEncodingDirection": "j-",
    "PhaseEncodingSteps": 64,
    "PhaseResolution": 1,
    "PixelBandwidth": 2056,
    "ProcedureStepDescription": "mri_brain",
    "ProtocolName": "bbl1_idemo2_210",
    "PulseSequenceDetails": "%SiemensSeq%_ep2d_bold",
    "ReceiveCoilName": "32Ch_Head",
    "ReconMatrixPE": 64,
    "RepetitionTime": 3,
    "SAR": 0.163252,
    "ScanOptions": "FS",
    "ScanningSequence": "EP",
    "SequenceName": "_epfid2d1_64",
    "SequenceVariant": "SK",
    "SeriesDescription": "bbl1_idemo2_210",
    "SeriesNumber": 9,
    "ShimSetting": [
        4064,
        -6574,
        -3857,
        1009,
        72,
        464,
        269,
        20
    ],
    "SliceThickness": 3,
    "SliceTiming": [
        1.505,
        0,
        1.5725,
        0.065,
        1.6375,
        0.13,
        1.7025,
        0.1975,
        1.7675,
        0.2625,
        1.8325,
        0.3275,
        1.9,
        0.3925,
        1.965,
        0.4575,
        2.03,
        0.525,
        2.095,
        0.59,
        2.16,
        0.655,
        2.2275,
        0.72,
        2.2925,
        0.785,
        2.3575,
        0.8525,
        2.4225,
        0.9175,
        2.4875,
        0.9825,
        2.5525,
        1.0475,
        2.62,
        1.1125,
        2.685,
        1.1775,
        2.75,
        1.245,
        2.815,
        1.31,
        2.88,
        1.375,
        2.9475,
        1.44
    ],
    "SoftwareVersions": "syngo_MR_B17",
    "SpacingBetweenSlices": 3,
    "StudyID": "7729909",
    "StudyInstanceUID": "1.2.840.113745.101000.1002000.40743.4622.30645081",
    "TaskName": "idemo",
    "TotalReadoutTime": 0.0346501,
    "TxRefAmp": 320.176,
    "Obliquity": "False",
    "VoxelSizeDim1": 3.0,
    "VoxelSizeDim3": 3.0,
    "VoxelSizeDim2": 3.0,
    "Dim1Size": 64,
    "Dim2Size": 64,
    "Dim3Size": 46,
    "NumVolumes": 210
}