{
    "AcquisitionMatrixPE": 128,
    "AcquisitionNumber": 1,
    "BandwidthPerPixelPhaseEncode": 29.297,
    "BaseResolution": 128,
    "ConversionSoftware": "dcm2niix",
    "ConversionSoftwareVersion": "v1.0.20180918  (JP2:OpenJPEG) GCC4.8.4",
    "DeidentificationMethod": "Penn_BSC_profile_v1.0",
    "DerivedVendorReportedEchoSpacing": 0.000799997,
    "EchoTime": 0.082,
    "EffectiveEchoSpacing": 0.000266666,
    "FlipAngle": 90,
    "ImageOrientationPatientDICOM": [
        1,
        0,
        0,
        0,
        1,
        0
    ],
    "ImageType": [
        "ORIGINAL",
        "PRIMARY",
        "DIFFUSION",
        "NONE",
        "ND",
        "MOSAIC"
    ],
    "InPlanePhaseEncodingDirectionDICOM": "COL",
    "MRAcquisitionType": "2D",
    "MagneticFieldStrength": 3,
    "Manufacturer": "Siemens",
    "ManufacturersModelName": "TrioTim",
    "Modality": "MR",
    "ParallelReductionFactorInPlane": 3,
    "PartialFourier": 0.75,
    "PatientPosition": "HFS",
    "PercentPhaseFOV": 100,
    "PhaseEncodingDirection": "j-",
    "PhaseEncodingSteps": 96,
    "PhaseResolution": 1,
    "PixelBandwidth": 2170,
    "ProcedureStepDescription": "mri_brain",
    "ProtocolName": "DTI_2x32_36",
    "PulseSequenceDetails": "%CustomerSeq%_ep2d_advdiff_511",
    "ReceiveCoilName": "32Ch_Head",
    "ReconMatrixPE": 128,
    "RepetitionTime": 8.8,
    "SAR": 0.693239,
    "ScanOptions": "PFP_FS",
    "ScanningSequence": "EP",
    "SequenceName": "ep_b0",
    "SequenceVariant": "SK_SP",
    "SeriesDescription": "DTI_2x32_36",
    "SeriesNumber": 11,
    "ShimSetting": [
        4105,
        -6374,
        -3442,
        1400,
        -274,
        -211,
        -1097,
        -178
    ],
    "SliceThickness": 2,
    "SliceTiming": [
        4.415,
        0,
        4.5425,
        0.125,
        4.6675,
        0.2525,
        4.795,
        0.3775,
        4.92,
        0.505,
        5.0475,
        0.63,
        5.1725,
        0.755,
        5.3,
        0.8825,
        5.425,
        1.0075,
        5.5525,
        1.135,
        5.6775,
        1.26,
        5.805,
        1.3875,
        5.93,
        1.5125,
        6.0575,
        1.64,
        6.1825,
        1.765,
        6.31,
        1.8925,
        6.435,
        2.0175,
        6.5625,
        2.145,
        6.6875,
        2.27,
        6.815,
        2.3975,
        6.94,
        2.5225,
        7.0675,
        2.65,
        7.1925,
        2.775,
        7.32,
        2.9025,
        7.445,
        3.0275,
        7.5725,
        3.155,
        7.6975,
        3.28,
        7.8225,
        3.4075,
        7.95,
        3.5325,
        8.075,
        3.66,
        8.2025,
        3.785,
        8.3275,
        3.9125,
        8.455,
        4.0375,
        8.58,
        4.1625,
        8.7075,
        4.29
    ],
    "SoftwareVersions": "syngo_MR_B17",
    "SpacingBetweenSlices": 2,
    "StudyID": "14463085",
    "StudyInstanceUID": "1.2.840.113745.101000.1002000.41456.6544.35489555",
    "TotalReadoutTime": 0.0338665,
    "TxRefAmp": 339.263,
    "VendorReportedEchoSpacing": 0.0008,
    "Obliquity": "False",
    "VoxelSizeDim1": 1.875,
    "VoxelSizeDim3": 2.0,
    "VoxelSizeDim2": 1.875,
    "Dim1Size": 128,
    "Dim2Size": 128,
    "Dim3Size": 70,
    "NumVolumes": 36,
    "ImageOrientation": "LAS+"
}