{
    "AcquisitionMatrixPE": 192,
    "AcquisitionNumber": 1,
    "BaseResolution": 256,
    "ConversionSoftware": "dcm2niix",
    "ConversionSoftwareVersion": "v1.0.20180918  (JP2:OpenJPEG) GCC4.8.4",
    "DeidentificationMethod": "Penn_BSC_profile_v1.0",
    "EchoTime": 0.00351,
    "FlipAngle": 9,
    "ImageOrientationPatientDICOM": [
        0.999877,
        -2.05103e-10,
        0.0157073,
        2.05078e-10,
        1,
        3.2216e-12
    ],
    "ImageType": [
        "ORIGINAL",
        "PRIMARY",
        "M",
        "ND",
        "NORM"
    ],
    "InPlanePhaseEncodingDirectionDICOM": "ROW",
    "InversionTime": 1.1,
    "MRAcquisitionType": "3D",
    "MagneticFieldStrength": 3,
    "Manufacturer": "Siemens",
    "ManufacturersModelName": "TrioTim",
    "Modality": "MR",
    "ParallelReductionFactorInPlane": 2,
    "PartialFourier": 1,
    "PatientPosition": "HFS",
    "PercentPhaseFOV": 75,
    "PhaseEncodingSteps": 191,
    "PhaseResolution": 1,
    "PixelBandwidth": 130,
    "ProcedureStepDescription": "mri_brain",
    "ProtocolName": "MPRAGE_TI1100_ipat2",
    "PulseSequenceDetails": "%SiemensSeq%_tfl",
    "ReceiveCoilName": "32Ch_Head",
    "ReconMatrixPE": 256,
    "RepetitionTime": 1.81,
    "SAR": 0.106135,
    "ScanOptions": "IR",
    "ScanningSequence": "GR_IR",
    "SequenceName": "_tfl3d1",
    "SequenceVariant": "SP_MP",
    "SeriesDescription": "MPRAGE_TI1100_ipat2",
    "SeriesNumber": 2,
    "ShimSetting": [
        4064,
        -6635,
        -3955,
        1173,
        32,
        595,
        175,
        25
    ],
    "SliceThickness": 1,
    "SoftwareVersions": "syngo_MR_B17",
    "StudyID": "14194529",
    "StudyInstanceUID": "1.2.840.113745.101000.1002000.41359.5534.34934714",
    "TxRefAmp": 338.723,
    "Obliquity": "True",
    "VoxelSizeDim1": 0.9374999403953552,
    "VoxelSizeDim3": 0.999924898147583,
    "VoxelSizeDim2": 0.9375,
    "Dim1Size": 192,
    "Dim2Size": 256,
    "Dim3Size": 160,
    "NumVolumes": 1.0,
    "ImageOrientation": "RAS+"
}