{
    "AcquisitionMatrixPE": 128,
    "AcquisitionNumber": 1,
    "BandwidthPerPixelPhaseEncode": 29.297,
    "BaseResolution": 128,
    "ConversionSoftware": "dcm2niix",
    "ConversionSoftwareVersion": "v1.0.20180918  (JP2:OpenJPEG) GCC4.8.4",
    "DeidentificationMethod": "Penn_BSC_profile_v1.0",
    "DerivedVendorReportedEchoSpacing": 0.000799997,
    "EchoTime": 0.082,
    "EffectiveEchoSpacing": 0.000266666,
    "FlipAngle": 90,
    "ImageOrientationPatientDICOM": [
        1,
        0,
        0,
        0,
        1,
        0
    ],
    "ImageType": [
        "ORIGINAL",
        "PRIMARY",
        "DIFFUSION",
        "NONE",
        "ND",
        "MOSAIC"
    ],
    "InPlanePhaseEncodingDirectionDICOM": "COL",
    "MRAcquisitionType": "2D",
    "MagneticFieldStrength": 3,
    "Manufacturer": "Siemens",
    "ManufacturersModelName": "TrioTim",
    "Modality": "MR",
    "ParallelReductionFactorInPlane": 3,
    "PartialFourier": 0.75,
    "PatientPosition": "HFS",
    "PercentPhaseFOV": 100,
    "PhaseEncodingDirection": "j-",
    "PhaseEncodingSteps": 96,
    "PhaseResolution": 1,
    "PixelBandwidth": 2170,
    "ProcedureStepDescription": "mri_brain",
    "ProtocolName": "DTI_2x32_36",
    "PulseSequenceDetails": "%CustomerSeq%_ep2d_advdiff_511",
    "ReceiveCoilName": "32Ch_Head",
    "ReconMatrixPE": 128,
    "RepetitionTime": 8.1,
    "SAR": 0.34226,
    "ScanOptions": "PFP_FS",
    "ScanningSequence": "EP",
    "SequenceName": "ep_b0",
    "SequenceVariant": "SK_SP",
    "SeriesDescription": "DTI_2x32_36",
    "SeriesNumber": 20,
    "ShimSetting": [
        4017,
        -6738,
        -3919,
        1146,
        -88,
        -309,
        778,
        -40
    ],
    "SliceThickness": 3,
    "SliceTiming": [
        4.065,
        0,
        4.2425,
        0.175,
        4.42,
        0.3525,
        4.595,
        0.53,
        4.7725,
        0.7075,
        4.95,
        0.8825,
        5.125,
        1.06,
        5.3025,
        1.2375,
        5.48,
        1.4125,
        5.6575,
        1.59,
        5.8325,
        1.7675,
        6.01,
        1.945,
        6.1875,
        2.12,
        6.3625,
        2.2975,
        6.54,
        2.475,
        6.7175,
        2.65,
        6.8925,
        2.8275,
        7.07,
        3.005,
        7.2475,
        3.1825,
        7.425,
        3.3575,
        7.6,
        3.535,
        7.7775,
        3.7125,
        7.955,
        3.8875
    ],
    "SoftwareVersions": "syngo_MR_B17",
    "SpacingBetweenSlices": 3,
    "StudyID": "7320896",
    "StudyInstanceUID": "1.2.840.113745.101000.1002000.40595.6313.29618494",
    "TotalReadoutTime": 0.0338665,
    "TxRefAmp": 305.091,
    "VendorReportedEchoSpacing": 0.0008,
    "Obliquity": "False",
    "VoxelSizeDim1": 1.875,
    "VoxelSizeDim3": 3.0,
    "VoxelSizeDim2": 1.875,
    "Dim1Size": 128,
    "Dim2Size": 128,
    "Dim3Size": 46,
    "NumVolumes": 36,
    "ImageOrientation": "LAS+"
}