{
    "AcquisitionMatrixPE": 128,
    "AcquisitionNumber": 1,
    "BandwidthPerPixelPhaseEncode": 29.297,
    "BaseResolution": 128,
    "ConversionSoftware": "dcm2niix",
    "ConversionSoftwareVersion": "v1.0.20180918  (JP2:OpenJPEG) GCC4.8.4",
    "DeidentificationMethod": "Penn_BSC_profile_v1.0",
    "DerivedVendorReportedEchoSpacing": 0.000799997,
    "EchoTime": 0.082,
    "EffectiveEchoSpacing": 0.000266666,
    "FlipAngle": 90,
    "ImageOrientationPatientDICOM": [
        1,
        0,
        0,
        0,
        1,
        0
    ],
    "ImageType": [
        "ORIGINAL",
        "PRIMARY",
        "DIFFUSION",
        "NONE",
        "ND",
        "MOSAIC"
    ],
    "InPlanePhaseEncodingDirectionDICOM": "COL",
    "MRAcquisitionType": "2D",
    "MagneticFieldStrength": 3,
    "Manufacturer": "Siemens",
    "ManufacturersModelName": "TrioTim",
    "Modality": "MR",
    "ParallelReductionFactorInPlane": 3,
    "PartialFourier": 0.75,
    "PatientPosition": "HFS",
    "PercentPhaseFOV": 100,
    "PhaseEncodingDirection": "j-",
    "PhaseEncodingSteps": 96,
    "PhaseResolution": 1,
    "PixelBandwidth": 2170,
    "ProcedureStepDescription": "mri_brain",
    "ProtocolName": "DTI_2x32_36",
    "PulseSequenceDetails": "%CustomerSeq%_ep2d_advdiff_511",
    "ReceiveCoilName": "32Ch_Head",
    "ReconMatrixPE": 128,
    "RepetitionTime": 9.8,
    "SAR": 0.692171,
    "ScanOptions": "PFP_FS",
    "ScanningSequence": "EP",
    "SequenceName": "ep_b0",
    "SequenceVariant": "SK_SP",
    "SeriesDescription": "DTI_2x32_36",
    "SeriesNumber": 12,
    "ShimSetting": [
        4086,
        -6639,
        -3919,
        457,
        109,
        -219,
        390,
        45
    ],
    "SliceThickness": 2,
    "SliceTiming": [
        4.9175,
        0,
        5.06,
        0.14,
        5.2,
        0.28,
        5.34,
        0.42,
        5.48,
        0.5625,
        5.6225,
        0.7025,
        5.7625,
        0.8425,
        5.9025,
        0.9825,
        6.0425,
        1.1225,
        6.1825,
        1.265,
        6.325,
        1.405,
        6.465,
        1.545,
        6.605,
        1.685,
        6.745,
        1.8275,
        6.8875,
        1.9675,
        7.0275,
        2.1075,
        7.1675,
        2.2475,
        7.3075,
        2.3875,
        7.4475,
        2.53,
        7.59,
        2.67,
        7.73,
        2.81,
        7.87,
        2.95,
        8.01,
        3.0925,
        8.1525,
        3.2325,
        8.2925,
        3.3725,
        8.4325,
        3.5125,
        8.5725,
        3.6525,
        8.7125,
        3.795,
        8.855,
        3.935,
        8.995,
        4.075,
        9.135,
        4.215,
        9.275,
        4.3575,
        9.415,
        4.4975,
        9.5575,
        4.6375,
        9.6975,
        4.7775
    ],
    "SoftwareVersions": "syngo_MR_B17",
    "SpacingBetweenSlices": 2,
    "StudyID": "8914022",
    "StudyInstanceUID": "1.2.840.113745.101000.1002000.41177.4997.33902733",
    "TotalReadoutTime": 0.0338665,
    "TxRefAmp": 375.223,
    "VendorReportedEchoSpacing": 0.0008,
    "Obliquity": "False",
    "VoxelSizeDim1": 1.875,
    "VoxelSizeDim3": 2.0,
    "VoxelSizeDim2": 1.875,
    "Dim1Size": 128,
    "Dim2Size": 128,
    "Dim3Size": 70,
    "NumVolumes": 36,
    "ImageOrientation": "LAS+"
}