{
    "AcquisitionMatrixPE": 128,
    "AcquisitionNumber": 1,
    "BandwidthPerPixelPhaseEncode": 29.297,
    "BaseResolution": 128,
    "ConversionSoftware": "dcm2niix",
    "ConversionSoftwareVersion": "v1.0.20180918  (JP2:OpenJPEG) GCC4.8.4",
    "DeidentificationMethod": "Penn_BSC_profile_v1.0",
    "DerivedVendorReportedEchoSpacing": 0.000799997,
    "EchoTime": 0.082,
    "EffectiveEchoSpacing": 0.000266666,
    "FlipAngle": 90,
    "ImageOrientationPatientDICOM": [
        1,
        0,
        0,
        0,
        1,
        0
    ],
    "ImageType": [
        "ORIGINAL",
        "PRIMARY",
        "DIFFUSION",
        "NONE",
        "ND",
        "MOSAIC"
    ],
    "InPlanePhaseEncodingDirectionDICOM": "COL",
    "MRAcquisitionType": "2D",
    "MagneticFieldStrength": 3,
    "Manufacturer": "Siemens",
    "ManufacturersModelName": "TrioTim",
    "Modality": "MR",
    "ParallelReductionFactorInPlane": 3,
    "PartialFourier": 0.75,
    "PatientPosition": "HFS",
    "PercentPhaseFOV": 100,
    "PhaseEncodingDirection": "j-",
    "PhaseEncodingSteps": 96,
    "PhaseResolution": 1,
    "PixelBandwidth": 2170,
    "ProcedureStepDescription": "mri_brain",
    "ProtocolName": "DTI_2x32_35",
    "PulseSequenceDetails": "%CustomerSeq%_ep2d_advdiff_511",
    "ReceiveCoilName": "32Ch_Head",
    "ReconMatrixPE": 128,
    "RepetitionTime": 9.8,
    "SAR": 0.69217,
    "ScanOptions": "PFP_FS",
    "ScanningSequence": "EP",
    "SequenceName": "ep_b0",
    "SequenceVariant": "SK_SP",
    "SeriesDescription": "DTI_2x32_35",
    "SeriesNumber": 11,
    "ShimSetting": [
        4086,
        -6639,
        -3919,
        457,
        109,
        -219,
        390,
        45
    ],
    "SliceThickness": 2,
    "SliceTiming": [
        4.92,
        0,
        5.06,
        0.1425,
        5.2025,
        0.2825,
        5.3425,
        0.4225,
        5.4825,
        0.5625,
        5.6225,
        0.7025,
        5.7625,
        0.845,
        5.905,
        0.985,
        6.045,
        1.125,
        6.185,
        1.265,
        6.325,
        1.4075,
        6.4675,
        1.5475,
        6.6075,
        1.6875,
        6.7475,
        1.8275,
        6.8875,
        1.9675,
        7.0275,
        2.11,
        7.17,
        2.25,
        7.31,
        2.39,
        7.45,
        2.53,
        7.59,
        2.6725,
        7.7325,
        2.8125,
        7.8725,
        2.9525,
        8.0125,
        3.0925,
        8.1525,
        3.2325,
        8.2925,
        3.375,
        8.435,
        3.515,
        8.575,
        3.655,
        8.715,
        3.795,
        8.855,
        3.9375,
        8.995,
        4.0775,
        9.1375,
        4.2175,
        9.2775,
        4.3575,
        9.4175,
        4.4975,
        9.5575,
        4.64,
        9.7,
        4.78
    ],
    "SoftwareVersions": "syngo_MR_B17",
    "SpacingBetweenSlices": 2,
    "StudyID": "8914022",
    "StudyInstanceUID": "1.2.840.113745.101000.1002000.41177.4997.33902733",
    "TotalReadoutTime": 0.0338665,
    "TxRefAmp": 375.223,
    "VendorReportedEchoSpacing": 0.0008,
    "Obliquity": "False",
    "VoxelSizeDim1": 1.875,
    "VoxelSizeDim3": 2.0,
    "VoxelSizeDim2": 1.875,
    "Dim1Size": 128,
    "Dim2Size": 128,
    "Dim3Size": 70,
    "NumVolumes": 35,
    "ImageOrientation": "LAS+"
}