{
    "AcquisitionMatrixPE": 128,
    "AcquisitionNumber": 1,
    "BandwidthPerPixelPhaseEncode": 29.297,
    "BaseResolution": 128,
    "ConversionSoftware": "dcm2niix",
    "ConversionSoftwareVersion": "v1.0.20180918  (JP2:OpenJPEG) GCC4.8.4",
    "DeidentificationMethod": "Penn_BSC_profile_v1.0",
    "DerivedVendorReportedEchoSpacing": 0.000799997,
    "EchoTime": 0.082,
    "EffectiveEchoSpacing": 0.000266666,
    "FlipAngle": 90,
    "ImageOrientationPatientDICOM": [
        1,
        0,
        0,
        0,
        1,
        0
    ],
    "ImageType": [
        "ORIGINAL",
        "PRIMARY",
        "DIFFUSION",
        "NONE",
        "ND",
        "MOSAIC"
    ],
    "InPlanePhaseEncodingDirectionDICOM": "COL",
    "MRAcquisitionType": "2D",
    "MagneticFieldStrength": 3,
    "Manufacturer": "Siemens",
    "ManufacturersModelName": "TrioTim",
    "Modality": "MR",
    "ParallelReductionFactorInPlane": 3,
    "PartialFourier": 0.75,
    "PatientPosition": "HFS",
    "PercentPhaseFOV": 100,
    "PhaseEncodingDirection": "j-",
    "PhaseEncodingSteps": 96,
    "PhaseResolution": 1,
    "PixelBandwidth": 2170,
    "ProcedureStepDescription": "mri_brain",
    "ProtocolName": "DTI_2x32_35",
    "PulseSequenceDetails": "%CustomerSeq%_ep2d_advdiff_511",
    "ReceiveCoilName": "32Ch_Head",
    "ReconMatrixPE": 128,
    "RepetitionTime": 9,
    "SAR": 0.714236,
    "ScanOptions": "PFP_FS",
    "ScanningSequence": "EP",
    "SequenceName": "ep_b0",
    "SequenceVariant": "SK_SP",
    "SeriesDescription": "DTI_2x32_35",
    "SeriesNumber": 10,
    "ShimSetting": [
        4040,
        -6760,
        -3894,
        945,
        -96,
        165,
        535,
        -11
    ],
    "SliceThickness": 2,
    "SliceTiming": [
        4.5175,
        0,
        4.6475,
        0.13,
        4.775,
        0.2575,
        4.905,
        0.3875,
        5.035,
        0.5175,
        5.1625,
        0.645,
        5.2925,
        0.775,
        5.4225,
        0.905,
        5.55,
        1.0325,
        5.68,
        1.1625,
        5.81,
        1.29,
        5.9375,
        1.42,
        6.0675,
        1.55,
        6.195,
        1.6775,
        6.325,
        1.8075,
        6.455,
        1.9375,
        6.5825,
        2.065,
        6.7125,
        2.195,
        6.8425,
        2.325,
        6.97,
        2.4525,
        7.1,
        2.5825,
        7.2275,
        2.71,
        7.3575,
        2.84,
        7.4875,
        2.97,
        7.615,
        3.0975,
        7.745,
        3.2275,
        7.875,
        3.3575,
        8.0025,
        3.485,
        8.1325,
        3.615,
        8.2625,
        3.7425,
        8.39,
        3.8725,
        8.52,
        4.0025,
        8.6475,
        4.13,
        8.7775,
        4.26,
        8.9075,
        4.39
    ],
    "SoftwareVersions": "syngo_MR_B17",
    "SpacingBetweenSlices": 2,
    "StudyID": "8142903",
    "StudyInstanceUID": "1.2.840.113745.101000.1002000.40894.4867.32093404",
    "TotalReadoutTime": 0.0338665,
    "TxRefAmp": 337.681,
    "VendorReportedEchoSpacing": 0.0008,
    "Obliquity": "False",
    "VoxelSizeDim1": 1.875,
    "VoxelSizeDim3": 2.0,
    "VoxelSizeDim2": 1.875,
    "Dim1Size": 128,
    "Dim2Size": 128,
    "Dim3Size": 70,
    "NumVolumes": 35
}