{
    "AcquisitionMatrixPE": 128,
    "AcquisitionNumber": 1,
    "BandwidthPerPixelPhaseEncode": 29.297,
    "BaseResolution": 128,
    "ConversionSoftware": "dcm2niix",
    "ConversionSoftwareVersion": "v1.0.20180918  (JP2:OpenJPEG) GCC4.8.4",
    "DeidentificationMethod": "Penn_BSC_profile_v1.0",
    "DerivedVendorReportedEchoSpacing": 0.000799997,
    "EchoTime": 0.082,
    "EffectiveEchoSpacing": 0.000266666,
    "FlipAngle": 90,
    "ImageOrientationPatientDICOM": [
        1,
        0,
        0,
        0,
        1,
        0
    ],
    "ImageType": [
        "ORIGINAL",
        "PRIMARY",
        "DIFFUSION",
        "NONE",
        "ND",
        "MOSAIC"
    ],
    "InPlanePhaseEncodingDirectionDICOM": "COL",
    "MRAcquisitionType": "2D",
    "MagneticFieldStrength": 3,
    "Manufacturer": "Siemens",
    "ManufacturersModelName": "TrioTim",
    "Modality": "MR",
    "ParallelReductionFactorInPlane": 3,
    "PartialFourier": 0.75,
    "PatientPosition": "HFS",
    "PercentPhaseFOV": 100,
    "PhaseEncodingDirection": "j-",
    "PhaseEncodingSteps": 96,
    "PhaseResolution": 1,
    "PixelBandwidth": 2170,
    "ProcedureStepDescription": "mri_brain",
    "ProtocolName": "DTI_2x32_35",
    "PulseSequenceDetails": "%CustomerSeq%_ep2d_advdiff_511",
    "ReceiveCoilName": "32Ch_Head",
    "ReconMatrixPE": 128,
    "RepetitionTime": 8.1,
    "SAR": 0.557584,
    "ScanOptions": "PFP_FS",
    "ScanningSequence": "EP",
    "SequenceName": "ep_b0",
    "SequenceVariant": "SK_SP",
    "SeriesDescription": "DTI_2x32_35",
    "SeriesNumber": 8,
    "ShimSetting": [
        4078,
        -6619,
        -3823,
        1140,
        115,
        185,
        474,
        -41
    ],
    "SliceThickness": 2,
    "SliceTiming": [
        4.065,
        0,
        4.18,
        0.115,
        4.2975,
        0.23,
        4.4125,
        0.3475,
        4.53,
        0.4625,
        4.645,
        0.58,
        4.7625,
        0.695,
        4.8775,
        0.8125,
        4.995,
        0.9275,
        5.11,
        1.045,
        5.225,
        1.16,
        5.3425,
        1.2775,
        5.4575,
        1.3925,
        5.575,
        1.51,
        5.69,
        1.625,
        5.8075,
        1.7425,
        5.9225,
        1.8575,
        6.04,
        1.9725,
        6.155,
        2.09,
        6.2725,
        2.205,
        6.3875,
        2.3225,
        6.505,
        2.4375,
        6.62,
        2.555,
        6.7375,
        2.67,
        6.8525,
        2.7875,
        6.9675,
        2.9025,
        7.085,
        3.02,
        7.2,
        3.135,
        7.3175,
        3.2525,
        7.4325,
        3.3675,
        7.55,
        3.485,
        7.665,
        3.6,
        7.7825,
        3.715,
        7.8975,
        3.8325,
        8.015,
        3.9475
    ],
    "SoftwareVersions": "syngo_MR_B17",
    "SpacingBetweenSlices": 2,
    "StudyID": "6447639",
    "StudyInstanceUID": "1.2.840.113745.101000.1002000.40272.6065.27920550",
    "TotalReadoutTime": 0.0338665,
    "TxRefAmp": 327.787,
    "VendorReportedEchoSpacing": 0.0008,
    "Obliquity": "False",
    "VoxelSizeDim1": 1.875,
    "VoxelSizeDim3": 2.0,
    "VoxelSizeDim2": 1.875,
    "Dim1Size": 128,
    "Dim2Size": 128,
    "Dim3Size": 70,
    "NumVolumes": 35
}