{
    "AcquisitionMatrixPE": 192,
    "AcquisitionNumber": 1,
    "BaseResolution": 256,
    "ConversionSoftware": "dcm2niix",
    "ConversionSoftwareVersion": "v1.0.20180918  (JP2:OpenJPEG) GCC4.8.4",
    "EchoTime": 0.00351,
    "FlipAngle": 9,
    "ImageOrientationPatientDICOM": [
        1,
        -2.05103e-10,
        0,
        2.05103e-10,
        1,
        0
    ],
    "ImageType": [
        "ORIGINAL",
        "PRIMARY",
        "M",
        "ND",
        "NORM"
    ],
    "InPlanePhaseEncodingDirectionDICOM": "ROW",
    "InversionTime": 1.1,
    "MRAcquisitionType": "3D",
    "MagneticFieldStrength": 3,
    "Manufacturer": "Siemens",
    "ManufacturersModelName": "TrioTim",
    "Modality": "MR",
    "ParallelReductionFactorInPlane": 2,
    "PartialFourier": 1,
    "PatientPosition": "HFS",
    "PercentPhaseFOV": 75,
    "PhaseEncodingSteps": 191,
    "PhaseResolution": 1,
    "PixelBandwidth": 130,
    "ProcedureStepDescription": "RESEARCH_BBL",
    "ProtocolName": "MPRAGE_TI1100_ipat2",
    "PulseSequenceDetails": "%SiemensSeq%_tfl",
    "ReceiveCoilName": "32Ch_Head",
    "ReconMatrixPE": 256,
    "RepetitionTime": 1.81,
    "SAR": 0.122986,
    "ScanOptions": "IR",
    "ScanningSequence": "GR_IR",
    "SequenceName": "tfl3d1",
    "SequenceVariant": "SP_MP",
    "SeriesDescription": "MPRAGE_TI1100_ipat2",
    "SeriesNumber": 16,
    "ShimSetting": [
        4004,
        -6881,
        -3988,
        756,
        16,
        -350,
        376,
        31
    ],
    "SliceThickness": 1,
    "SoftwareVersions": "syngo_MR_B17",
    "StudyID": "1",
    "StudyInstanceUID": "1.3.12.2.1107.5.2.32.35069.30000010052012123698400000011",
    "TxRefAmp": 303.866,
    "Obliquity": "False",
    "VoxelSizeDim1": 0.9375,
    "VoxelSizeDim3": 1.0,
    "VoxelSizeDim2": 0.9375,
    "Dim1Size": 192,
    "Dim2Size": 256,
    "Dim3Size": 160
}