{
    "AcquisitionMatrixPE": 128,
    "AcquisitionNumber": 1,
    "BandwidthPerPixelPhaseEncode": 29.297,
    "BaseResolution": 128,
    "ConversionSoftware": "dcm2niix",
    "ConversionSoftwareVersion": "v1.0.20180918  (JP2:OpenJPEG) GCC4.8.4",
    "DeidentificationMethod": "Penn_BSC_profile_v1.0",
    "DerivedVendorReportedEchoSpacing": 0.000799997,
    "EchoTime": 0.082,
    "EffectiveEchoSpacing": 0.000266666,
    "FlipAngle": 90,
    "ImageOrientationPatientDICOM": [
        1,
        0,
        0,
        0,
        1,
        0
    ],
    "ImageType": [
        "ORIGINAL",
        "PRIMARY",
        "DIFFUSION",
        "NONE",
        "ND",
        "MOSAIC"
    ],
    "InPlanePhaseEncodingDirectionDICOM": "COL",
    "MRAcquisitionType": "2D",
    "MagneticFieldStrength": 3,
    "Manufacturer": "Siemens",
    "ManufacturersModelName": "TrioTim",
    "Modality": "MR",
    "ParallelReductionFactorInPlane": 3,
    "PartialFourier": 0.75,
    "PatientPosition": "HFS",
    "PercentPhaseFOV": 100,
    "PhaseEncodingDirection": "j-",
    "PhaseEncodingSteps": 96,
    "PhaseResolution": 1,
    "PixelBandwidth": 2170,
    "ProcedureStepDescription": "mri_brain",
    "ProtocolName": "DTI_2x32_36",
    "PulseSequenceDetails": "%CustomerSeq%_ep2d_advdiff_511",
    "ReceiveCoilName": "32Ch_Head",
    "ReconMatrixPE": 128,
    "RepetitionTime": 9.1,
    "SAR": 0.692531,
    "ScanOptions": "PFP_FS",
    "ScanningSequence": "EP",
    "SequenceName": "ep_b0",
    "SequenceVariant": "SK_SP",
    "SeriesDescription": "DTI_2x32_36",
    "SeriesNumber": 11,
    "ShimSetting": [
        4021,
        -6509,
        -4154,
        837,
        -134,
        424,
        451,
        187
    ],
    "SliceThickness": 2,
    "SliceTiming": [
        4.5675,
        0,
        4.6975,
        0.13,
        4.8275,
        0.26,
        4.96,
        0.39,
        5.09,
        0.5225,
        5.22,
        0.6525,
        5.35,
        0.7825,
        5.48,
        0.9125,
        5.6125,
        1.0425,
        5.7425,
        1.175,
        5.8725,
        1.305,
        6.0025,
        1.435,
        6.1325,
        1.565,
        6.265,
        1.695,
        6.395,
        1.8275,
        6.525,
        1.9575,
        6.655,
        2.0875,
        6.785,
        2.2175,
        6.9175,
        2.3475,
        7.0475,
        2.48,
        7.1775,
        2.61,
        7.3075,
        2.74,
        7.4375,
        2.87,
        7.57,
        3.0025,
        7.7,
        3.1325,
        7.83,
        3.2625,
        7.96,
        3.3925,
        8.09,
        3.5225,
        8.2225,
        3.655,
        8.3525,
        3.785,
        8.4825,
        3.915,
        8.6125,
        4.045,
        8.745,
        4.175,
        8.875,
        4.3075,
        9.005,
        4.4375
    ],
    "SoftwareVersions": "syngo_MR_B17",
    "SpacingBetweenSlices": 2,
    "StudyID": "9009049",
    "StudyInstanceUID": "1.2.840.113745.101000.1002000.41212.4662.34099264",
    "TotalReadoutTime": 0.0338665,
    "TxRefAmp": 343.873,
    "VendorReportedEchoSpacing": 0.0008,
    "Obliquity": "False",
    "VoxelSizeDim1": 1.875,
    "VoxelSizeDim3": 2.0,
    "VoxelSizeDim2": 1.875,
    "Dim1Size": 128,
    "Dim2Size": 128,
    "Dim3Size": 70,
    "NumVolumes": 36,
    "ImageOrientation": "LAS+"
}