{
    "AcquisitionMatrixPE": 192,
    "AcquisitionNumber": 1,
    "BaseResolution": 256,
    "ConversionSoftware": "dcm2niix",
    "ConversionSoftwareVersion": "v1.0.20180918  (JP2:OpenJPEG) GCC4.8.4",
    "DeidentificationMethod": "Penn_BSC_profile_v1.0",
    "EchoTime": 0.004,
    "FlipAngle": 9,
    "ImageOrientationPatientDICOM": [
        1,
        -2.05103e-10,
        0,
        2.05103e-10,
        1,
        0
    ],
    "ImageType": [
        "ORIGINAL",
        "PRIMARY",
        "M",
        "ND",
        "NORM"
    ],
    "InPlanePhaseEncodingDirectionDICOM": "ROW",
    "MRAcquisitionType": "3D",
    "MagneticFieldStrength": 3,
    "Manufacturer": "Siemens",
    "ManufacturersModelName": "TrioTim",
    "Modality": "MR",
    "ParallelReductionFactorInPlane": 2,
    "PartialFourier": 1,
    "PatientPosition": "HFS",
    "PercentPhaseFOV": 75,
    "PhaseEncodingSteps": 191,
    "PhaseResolution": 1,
    "PixelBandwidth": 188,
    "ProcedureStepDescription": "mri_brain",
    "ProtocolName": "MPRAGE_TI1110_ipat2_moco1",
    "PulseSequenceDetails": "%CustomerSeq%_WIP711_Moco_tfl_multiecho_epinav_711",
    "ReceiveCoilName": "32Ch_Head",
    "ReconMatrixPE": 256,
    "RepetitionTime": 1.85,
    "SAR": 0.0941178,
    "ScanOptions": "IR",
    "ScanningSequence": "GR_IR",
    "SequenceName": "Moco3d1",
    "SequenceVariant": "SP_MP",
    "SeriesDescription": "MPRAGE_TI1110_ipat2_moco1",
    "SeriesNumber": 5,
    "ShimSetting": [
        4028,
        -6581,
        -3978,
        766,
        -157,
        16,
        -217,
        -4
    ],
    "SliceThickness": 1,
    "SoftwareVersions": "syngo_MR_B17",
    "StudyID": "9085919",
    "StudyInstanceUID": "1.2.840.113745.101000.1002000.41240.6719.34257820",
    "TxRefAmp": 336.451,
    "Obliquity": "False",
    "VoxelSizeDim1": 0.9375,
    "VoxelSizeDim3": 1.0,
    "VoxelSizeDim2": 0.9375,
    "Dim1Size": 192,
    "Dim2Size": 256,
    "Dim3Size": 160,
    "NumVolumes": 1.0,
    "ImageOrientation": "RAS+"
}